GIT
  remote: git://github.com/turboladen/drama.git
  revision: 4c53ccc43fe86e1ebd3eb16c9c8383d9868ad5e1
  specs:
    drama (0.1.0)
      blockenspiel
      colorize
      highline
      log_switch
      net-ssh-simple

PATH
  remote: .
  specs:
    drama-parts (0.1.0)
      drama

GEM
  remote: https://rubygems.org/
  specs:
    blockenspiel (0.4.5)
    colorize (0.5.8)
    diff-lcs (1.2.1)
    hashie (2.0.3)
    highline (1.6.16)
    log_switch (0.4.0)
    multi_json (1.7.1)
    net-scp (1.1.0)
      net-ssh (>= 2.6.5)
    net-ssh (2.6.6)
    net-ssh-simple (1.6.2)
      blockenspiel (~> 0.4.3)
      hashie (>= 1.1.0)
      net-scp (~> 1.1.0)
      net-ssh (~> 2.6.3)
    rake (10.0.3)
    redcarpet (2.2.2)
    rspec (2.13.0)
      rspec-core (~> 2.13.0)
      rspec-expectations (~> 2.13.0)
      rspec-mocks (~> 2.13.0)
    rspec-core (2.13.1)
    rspec-expectations (2.13.0)
      diff-lcs (>= 1.1.3, < 2.0)
    rspec-mocks (2.13.0)
    simplecov (0.7.1)
      multi_json (~> 1.0)
      simplecov-html (~> 0.7.1)
    simplecov-html (0.7.1)
    yard (0.8.5.2)

PLATFORMS
  ruby

DEPENDENCIES
  bundler (>= 1.0.1)
  drama!
  drama-parts!
  rake
  redcarpet
  rspec (>= 2.12.0)
  simplecov
  yard (>= 0.7.2)
